GEM
  remote: https://rubygems.org/
  specs:
    benchmark-ips (2.7.2)

PLATFORMS
  ruby

DEPENDENCIES
  benchmark-ips (~> 2.7.2)

BUNDLED WITH
   2.1.4
